GEM
  remote: http://rubygems.org/
  specs:
    cinch (2.0.3)
    nokogiri (1.5.5-x86-mingw32)

PLATFORMS
  x86-mingw32

DEPENDENCIES
  cinch
  nokogiri
