GEM
  remote: http://rubygems.org/
  specs:
    cinch (2.0.3)
    diff-lcs (1.1.3)
    json (1.7.5)
    nokogiri (1.5.6-x86-mingw32)
    rspec (2.12.0)
      rspec-core (~> 2.12.0)
      rspec-expectations (~> 2.12.0)
      rspec-mocks (~> 2.12.0)
    rspec-core (2.12.2)
    rspec-expectations (2.12.1)
      diff-lcs (~> 1.1.3)
    rspec-mocks (2.12.1)

PLATFORMS
  x86-mingw32

DEPENDENCIES
  cinch
  json
  nokogiri
  rspec
