GEM
  remote: http://rubygems.org/
  specs:
    cinch (2.0.5)
    diff-lcs (1.2.4)
    json (1.8.0)
    mini_portile (0.5.1)
    nokogiri (1.6.0)
      mini_portile (~> 0.5.0)
    nokogiri (1.6.0-x86-mingw32)
      mini_portile (~> 0.5.0)
    rspec (2.14.1)
      rspec-core (~> 2.14.0)
      rspec-expectations (~> 2.14.0)
      rspec-mocks (~> 2.14.0)
    rspec-core (2.14.4)
    rspec-expectations (2.14.0)
      diff-lcs (>= 1.1.3, < 2.0)
    rspec-mocks (2.14.1)

PLATFORMS
  ruby
  x86-mingw32

DEPENDENCIES
  cinch
  json
  nokogiri
  rspec

BUNDLED WITH
   1.10.3
